GEM
  remote: https://rubygems.org/
  specs:
    nokogiri (1.11.1-x86_64-linux)
      racc (~> 1.4)
    racc (1.5.2)
    sequel (5.41.0)

PLATFORMS
  x86_64-linux

DEPENDENCIES
  nokogiri
  sequel

BUNDLED WITH
   2.2.11
